PATH
  remote: .
  specs:
    verifactu-rb (0.1.0)
      bigdecimal
      nokogiri (= 1.17.2)

GEM
  remote: https://rubygems.org/
  specs:
    bigdecimal (3.2.2)
    diff-lcs (1.6.2)
    mini_portile2 (2.8.9)
    nokogiri (1.17.2)
      mini_portile2 (~> 2.8.2)
      racc (~> 1.4)
    nokogiri (1.17.2-arm64-darwin)
      racc (~> 1.4)
    nokogiri (1.17.2-x64-mingw-ucrt)
      racc (~> 1.4)
    racc (1.8.1)
    rake (13.3.0)
    rspec (3.13.1)
      rspec-core (~> 3.13.0)
      rspec-expectations (~> 3.13.0)
      rspec-mocks (~> 3.13.0)
    rspec-core (3.13.5)
      rspec-support (~> 3.13.0)
    rspec-expectations (3.13.5)
      diff-lcs (>= 1.2.0, < 2.0)
      rspec-support (~> 3.13.0)
    rspec-mocks (3.13.5)
      diff-lcs (>= 1.2.0, < 2.0)
      rspec-support (~> 3.13.0)
    rspec-support (3.13.4)

PLATFORMS
  arm64-darwin-22
  ruby
  x64-mingw-ucrt

DEPENDENCIES
  rake (~> 13.0)
  rspec (~> 3.0)
  verifactu-rb!

BUNDLED WITH
   2.5.3
